FRAMEWORK: NET45
NUGET
  remote: https://www.nuget.org/api/v2
  specs:
    FSharp.Core (4.0.0.1)
    Microsoft.Azure.Management.ResourceManager (1.3.1-preview)
      Microsoft.Rest.ClientRuntime.Azure (>= 3.1.0 < 4.0.0)
    Microsoft.IdentityModel.Clients.ActiveDirectory (2.28.2)
    Microsoft.Rest.ClientRuntime (2.3.2)
      Newtonsoft.Json (>= 6.0.8)
    Microsoft.Rest.ClientRuntime.Azure (3.3.2)
      Microsoft.Rest.ClientRuntime (>= 2.3.2 < 3.0.0)
    Microsoft.Rest.ClientRuntime.Azure.Authentication (2.2.8-preview)
      Microsoft.IdentityModel.Clients.ActiveDirectory (>= 2.28.1 < 3.0.0)
      Microsoft.Rest.ClientRuntime (>= 2.3.2 < 3.0.0)
    Newtonsoft.Json (9.0.1)
GITHUB
  remote: fsprojects/FSharp.TypeProviders.StarterPack
  specs:
    src/ProvidedTypes.fs (c50ace31d335b7bcb83b102d2cfd0ce2007ed681)
    src/ProvidedTypes.fsi (c50ace31d335b7bcb83b102d2cfd0ce2007ed681)