FRAMEWORK: NET40
NUGET
  remote: https://www.nuget.org/api/v2
    FSharp.Core (4.0.0.1)
    Microsoft.Azure.Management.ResourceManager (1.3.1-preview)
    Microsoft.Rest.ClientRuntime.Azure.Authentication (2.2.8-preview)
    Newtonsoft.Json (9.0.1)
GITHUB
  remote: fsprojects/FSharp.TypeProviders.StarterPack
    src/ProvidedTypes.fs (c50ace31d335b7bcb83b102d2cfd0ce2007ed681)
    src/ProvidedTypes.fsi (c50ace31d335b7bcb83b102d2cfd0ce2007ed681)